GIT
  remote: git://github.com/hired/limitless-led.git
  revision: bc1460af92895e8ea0db890490a873e79892b640
  specs:
    limitless-led (0.2.0)
      active_support
      color
      rainbow

GEM
  remote: https://rubygems.org/
  specs:
    active_support (3.0.0)
      activesupport (= 3.0.0)
    activesupport (3.0.0)
    color (1.4.2)
    diff-lcs (1.1.3)
    rack (1.4.5)
    rack-protection (1.5.0)
      rack
    rack-test (0.6.2)
      rack (>= 1.0)
    rainbow (1.99.1)
    rspec (2.12.0)
      rspec-core (~> 2.12.0)
      rspec-expectations (~> 2.12.0)
      rspec-mocks (~> 2.12.0)
    rspec-core (2.12.2)
    rspec-expectations (2.12.1)
      diff-lcs (~> 1.1.3)
    rspec-mocks (2.12.2)
    sinatra (1.4.3)
      rack (~> 1.4)
      rack-protection (~> 1.4)
      tilt (~> 1.3, >= 1.3.4)
    tilt (1.4.1)

PLATFORMS
  ruby

DEPENDENCIES
  limitless-led!
  rack-test
  rspec
  sinatra
